NUGET
  remote: https://www.nuget.org/api/v2
  specs:
    FAKE (4.28)
    Newtonsoft.Json (8.0.3)
